GEM
  remote: https://rubygems.org/
  specs:
    httpclient (2.7.1)

PLATFORMS
  ruby

DEPENDENCIES
  httpclient (>= 2.7.1)

BUNDLED WITH
   1.11.2
