GEM
  remote: https://rubygems.org/
  specs:
    httpclient (2.7.1)
    oj (2.14.6)

PLATFORMS
  ruby

DEPENDENCIES
  httpclient (>= 2.7.1)
  oj (>= 2.14.6)

BUNDLED WITH
   1.11.2
